GEM
  remote: https://rubygems.org/
  specs:
    activesupport (4.2.11.3)
      i18n (~> 0.7)
      minitest (~> 5.1)
      thread_safe (~> 0.3, >= 0.3.4)
      tzinfo (~> 1.1)
    ast (2.4.2)
    builder (3.2.4)
    childprocess (3.0.0)
    concurrent-ruby (1.1.9)
    cucumber (1.3.20)
      builder (>= 2.1.2)
      diff-lcs (>= 1.1.3)
      gherkin (~> 2.12)
      multi_json (>= 1.7.5, < 2.0)
      multi_test (>= 0.1.2)
    data_magic (1.1)
      faker (>= 1.1.2)
      yml_reader (>= 0.6)
    diff-lcs (1.4.4)
    domain_name (0.5.20190701)
      unf (>= 0.0.5, < 1.0.0)
    faker (2.2.1)
      i18n (>= 0.8)
    faraday (0.17.4)
      multipart-post (>= 1.2, < 3)
    faraday-cookie_jar (0.0.7)
      faraday (>= 0.8.0)
      http-cookie (~> 1.0.0)
    faraday_middleware (0.14.0)
      faraday (>= 0.7.4, < 1.0)
    gherkin (2.12.2)
      multi_json (~> 1.3)
    headless (2.3.1)
    http-cookie (1.0.4)
      domain_name (~> 0.5)
    i18n (0.9.5)
      concurrent-ruby (~> 1.0)
    json (2.5.1)
    mediawiki_api (0.7.1)
      faraday (~> 0.9, >= 0.9.0)
      faraday-cookie_jar (~> 0.0, >= 0.0.6)
      faraday_middleware (~> 0.10, >= 0.10.0)
    mediawiki_api-wikidata (0.3.0)
      mediawiki_api (~> 0.7.1)
    mediawiki_selenium (1.8.1)
      cucumber (~> 1.3, >= 1.3.20)
      data_magic (~> 1.1.0)
      headless (~> 2.0, >= 2.1.0)
      json (~> 2.0, >= 2.0.2)
      mediawiki_api (~> 0.7, >= 0.7.0)
      page-object (~> 2.0)
      rest-client (~> 1.6, >= 1.6.7)
      rspec-core (~> 2.14, >= 2.14.4)
      rspec-expectations (~> 2.14, >= 2.14.4)
      selenium-webdriver (~> 3.2)
      syntax (~> 1.2, >= 1.2.0)
      thor (~> 0.19, >= 0.19.1)
    mime-types (2.99.3)
    minitest (5.14.4)
    multi_json (1.15.0)
    multi_test (0.1.2)
    multipart-post (2.1.1)
    netrc (0.11.0)
    page-object (2.3.1)
      page_navigation (>= 0.10)
      watir (>= 6.10.3)
    page_navigation (0.10)
      data_magic (>= 0.22)
    parallel (1.20.1)
    parallel_tests (2.32.0)
      parallel
    parser (2.7.2.0)
      ast (~> 2.4.1)
    powerpack (0.1.3)
    rainbow (2.2.2)
      rake
    rake (11.1.2)
    regexp_parser (2.1.1)
    require_all (1.5.0)
    rest-client (1.8.0)
      http-cookie (>= 1.0.2, < 2.0)
      mime-types (>= 1.16, < 3.0)
      netrc (~> 0.7)
    rspec-core (2.99.2)
    rspec-expectations (2.99.2)
      diff-lcs (>= 1.1.3, < 2.0)
    rubocop (0.51.0)
      parallel (~> 1.10)
      parser (>= 2.3.3.1, < 3.0)
      powerpack (~> 0.1)
      rainbow (>= 2.2.2, < 3.0)
      ruby-progressbar (~> 1.7)
      unicode-display_width (~> 1.0, >= 1.0.1)
    ruby-progressbar (1.11.0)
    rubyzip (2.3.0)
    selenium-webdriver (3.142.7)
      childprocess (>= 0.5, < 4.0)
      rubyzip (>= 1.2.2)
    syntax (1.2.2)
    thor (0.20.3)
    thread_safe (0.3.6)
    tzinfo (1.2.9)
      thread_safe (~> 0.1)
    unf (0.1.4)
      unf_ext
    unf_ext (0.0.7.7)
    unicode-display_width (1.7.0)
    watir (6.19.1)
      regexp_parser (>= 1.2, < 3)
      selenium-webdriver (>= 3.142.7)
    yml_reader (0.7)

PLATFORMS
  ruby

DEPENDENCIES
  activesupport (~> 4.2, >= 4.2.6)
  data_magic (~> 1.1.0)
  mediawiki_api-wikidata (~> 0.3.0)
  mediawiki_selenium (~> 1.8, >= 1.8.1)
  parallel_tests (~> 2.5)
  rake (~> 11.1.0, >= 11.1.2)
  require_all (~> 1.3, >= 1.3.3)
  rubocop (~> 0.51.0)
  selenium-webdriver (~> 3.142, >= 3.142.7)

BUNDLED WITH
   1.16.2
